GIT
  remote: git://github.com/sol/jekyll.git
  revision: 949c5c546ca4a9a18006f1145bb3968f3d59e26f
  branch: hspec-doc
  specs:
    jekyll (0.12.0)
      classifier (~> 1.3)
      directory_watcher (~> 1.1)
      kramdown (~> 0.13.4)
      liquid (~> 2.3)
      maruku (~> 0.5)
      pygments.rb (~> 0.3.2)

GIT
  remote: git://github.com/zroger/jekyll-less.git
  revision: 00c94a8d6042e059a909b0026de1e36ecf53ed31
  specs:
    jekyll-less (0.1.0)
      jekyll (>= 0.10.0)
      less (>= 2.0.5)

GEM
  remote: https://rubygems.org/
  specs:
    RedCloth (4.3.2)
    classifier (1.3.4)
      fast-stemmer (>= 1.0.0)
    commonjs (0.2.7)
    directory_watcher (1.5.1)
    fast-stemmer (1.0.2)
    kramdown (0.13.8)
    less (2.6.0)
      commonjs (~> 0.2.7)
    libv8 (3.16.14.17)
    liquid (2.6.3)
    maruku (0.7.3)
    posix-spawn (0.3.13)
    pygments.rb (0.3.7)
      posix-spawn (~> 0.3.6)
      yajl-ruby (~> 1.1.0)
    redcarpet (3.4.0)
    ref (2.0.0)
    therubyracer (0.12.3)
      libv8 (~> 3.16.14.15)
      ref
    yajl-ruby (1.1.0)

PLATFORMS
  ruby

DEPENDENCIES
  RedCloth
  jekyll!
  jekyll-less!
  redcarpet
  therubyracer

BUNDLED WITH
   1.10.6
